GEM
  remote: http://rubygems.org/
  specs:
    builder (3.2.2)
    naturally (1.3.1)
    rack (1.2.2)
    ruby-mp3info (0.8.5)
    sinatra (1.2.1)
      rack (~> 1.1)
      tilt (>= 1.2.2, < 2.0)
    tilt (1.2.2)

PLATFORMS
  ruby

DEPENDENCIES
  builder
  naturally
  ruby-mp3info
  sinatra
