GEM
  remote: http://rubygems.org/
  specs:
    builder (3.2.2)
    daemons (1.1.9)
    eventmachine (1.0.4)
    mp4info (1.7.3)
    naturally (1.3.1)
    rack (1.6.0)
    rack-protection (1.5.3)
      rack
    ruby-mp3info (0.8.5)
    sinatra (1.4.5)
      rack (~> 1.4)
      rack-protection (~> 1.4)
      tilt (~> 1.3, >= 1.3.4)
    thin (1.6.3)
      daemons (~> 1.0, >= 1.0.9)
      eventmachine (~> 1.0)
      rack (~> 1.0)
    tilt (1.4.1)

PLATFORMS
  ruby

DEPENDENCIES
  builder
  mp4info
  naturally
  ruby-mp3info
  sinatra
  thin
